GIT
  remote: git://github.com/digineo/sunspot.git
  revision: 122f7c60207b9539903f06a66ce35a01cb1bf481
  specs:
    sunspot (2.0.0.pre.111215)
      escape (~> 0.0.4)
      pr_geohash (~> 1.0)
      rsolr (~> 1.0.6)
    sunspot_rails (2.0.0.pre.111215)
      nokogiri
      sunspot (= 2.0.0.pre.111215)
    sunspot_solr (2.0.0.pre.111215)
      escape (~> 0.0.4)

GIT
  remote: git://github.com/thomas-mcdonald/bootstrap-sass.git
  revision: 6fa811399d9186e42a49814e177e11b8cec53028
  specs:
    bootstrap-sass (3.0.0.0.rc2)
      sass (~> 3.2)

GEM
  remote: https://rubygems.org/
  specs:
    actionmailer (3.2.15)
      actionpack (= 3.2.15)
      mail (~> 2.5.4)
    actionpack (3.2.15)
      activemodel (= 3.2.15)
      activesupport (= 3.2.15)
      builder (~> 3.0.0)
      erubis (~> 2.7.0)
      journey (~> 1.0.4)
      rack (~> 1.4.5)
      rack-cache (~> 1.2)
      rack-test (~> 0.6.1)
      sprockets (~> 2.2.1)
    activemodel (3.2.15)
      activesupport (= 3.2.15)
      builder (~> 3.0.0)
    activerecord (3.2.15)
      activemodel (= 3.2.15)
      activesupport (= 3.2.15)
      arel (~> 3.0.2)
      tzinfo (~> 0.3.29)
    activeresource (3.2.15)
      activemodel (= 3.2.15)
      activesupport (= 3.2.15)
    activesupport (3.2.15)
      i18n (~> 0.6, >= 0.6.4)
      multi_json (~> 1.0)
    acts_as_tree (1.4.0)
      activerecord (>= 3.0.0)
    addressable (2.3.5)
    arel (3.0.2)
    bcrypt-ruby (3.1.2)
    brwsr (1.1.1)
    builder (3.0.4)
    byebug (2.3.1)
      columnize (~> 0.3.6)
      debugger-linecache (~> 1.2.0)
    cancan (1.6.10)
    capistrano (2.15.5)
      highline
      net-scp (>= 1.0.0)
      net-sftp (>= 2.0.0)
      net-ssh (>= 2.0.14)
      net-ssh-gateway (>= 1.1.0)
    capybara (2.1.0)
      mime-types (>= 1.16)
      nokogiri (>= 1.3.3)
      rack (>= 1.0.0)
      rack-test (>= 0.5.4)
      xpath (~> 2.0)
    capybara-webkit (1.0.0)
      capybara (~> 2.0, >= 2.0.2)
      json
    celluloid (0.15.2)
      timers (~> 1.1.0)
    choice (0.1.6)
    chunky_png (1.2.9)
    codemirror-rails (3.16)
      railties (>= 3.0, < 5)
    coderay (1.0.9)
    coffee-rails (3.2.2)
      coffee-script (>= 2.2.0)
      railties (~> 3.2.0)
    coffee-script (2.2.0)
      coffee-script-source
      execjs
    coffee-script-source (1.6.3)
    columnize (0.3.6)
    compass (0.12.2)
      chunky_png (~> 1.2)
      fssm (>= 0.2.7)
      sass (~> 3.1)
    connection_pool (1.1.0)
    crack (0.4.1)
      safe_yaml (~> 0.9.0)
    d3_rails (3.3.9)
      railties (>= 3.1.0)
    database_cleaner (1.2.0)
    debugger-linecache (1.2.0)
    devise (2.2.7)
      bcrypt-ruby (~> 3.0)
      orm_adapter (~> 0.1)
      railties (~> 3.1)
      warden (~> 1.2.1)
    diff-lcs (1.2.4)
    diffy (3.0.1)
    erubis (2.7.0)
    escape (0.0.4)
    exception_notification (4.0.1)
      actionmailer (>= 3.0.4)
      activesupport (>= 3.0.4)
    execjs (2.0.2)
    factory_girl (4.2.0)
      activesupport (>= 3.0.0)
    factory_girl_rails (4.2.1)
      factory_girl (~> 4.2.0)
      railties (>= 3.0.0)
    faker (1.1.2)
      i18n (~> 0.5)
    fattr (2.2.1)
    font_awesome (3.101.0)
    foreigner (1.6.0)
      activerecord (>= 3.0.0)
    fssm (0.2.10)
    god (0.13.3)
    haml (4.0.3)
      tilt
    haml-rails (0.4)
      actionpack (>= 3.1, < 4.1)
      activesupport (>= 3.1, < 4.1)
      haml (>= 3.1, < 4.1)
      railties (>= 3.1, < 4.1)
    hamlbars (2.0.1)
      execjs (>= 1.2)
      haml
      sprockets
      tilt
    handlebars_assets (0.14.1)
      execjs (>= 1.2.9)
      sprockets (>= 2.0.3)
      tilt
    has_scope (0.6.0.rc)
      actionpack (>= 3.2, < 5)
      activesupport (>= 3.2, < 5)
    highline (1.6.20)
    hike (1.2.3)
    i18n (0.6.5)
    ice_cube (0.11.0)
    inherited_resources (1.4.1)
      has_scope (~> 0.6.0.rc)
      responders (~> 1.0.0.rc)
    journey (1.0.4)
    jquery-rails (3.0.4)
      railties (>= 3.0, < 5.0)
      thor (>= 0.14, < 2.0)
    jquery-ui-rails (4.1.0)
      railties (>= 3.1.0)
    js-routes (0.9.4)
      rails (>= 3.2)
    json (1.8.1)
    kaminari (0.14.1)
      actionpack (>= 3.0.0)
      activesupport (>= 3.0.0)
    launchy (2.3.0)
      addressable (~> 2.3)
    libv8 (3.16.14.3)
    mail (2.5.4)
      mime-types (~> 1.16)
      treetop (~> 1.4.8)
    metaclass (0.0.1)
    method_source (0.8.2)
    mime-types (1.25)
    mini_portile (0.5.2)
    mocha (0.14.0)
      metaclass (~> 0.0.1)
    momentjs-rails (2.2.1)
      railties (>= 3.1)
    multi_json (1.8.2)
    net-scp (1.1.2)
      net-ssh (>= 2.6.5)
    net-sftp (2.1.2)
      net-ssh (>= 2.6.5)
    net-ssh (2.7.0)
    net-ssh-gateway (1.2.0)
      net-ssh (>= 2.6.5)
    nokogiri (1.6.0)
      mini_portile (~> 0.5.0)
    options (2.3.0)
      fattr
    orm_adapter (0.4.0)
    pg (0.17.0)
    polyglot (0.3.3)
    pr_geohash (1.0.0)
    progress_bar (1.0.0)
      highline (~> 1.6.1)
      options (~> 2.3.0)
    pry (0.9.12.2)
      coderay (~> 1.0.5)
      method_source (~> 0.8)
      slop (~> 3.4)
    pry-rails (0.3.2)
      pry (>= 0.9.10)
    quiet_assets (1.0.2)
      railties (>= 3.1, < 5.0)
    rack (1.4.5)
    rack-cache (1.2)
      rack (>= 0.4)
    rack-protection (1.5.1)
      rack
    rack-ssl (1.3.3)
      rack
    rack-test (0.6.2)
      rack (>= 1.0)
    rails (3.2.15)
      actionmailer (= 3.2.15)
      actionpack (= 3.2.15)
      activerecord (= 3.2.15)
      activeresource (= 3.2.15)
      activesupport (= 3.2.15)
      bundler (~> 1.0)
      railties (= 3.2.15)
    rails-erd (1.1.0)
      activerecord (>= 3.0)
      activesupport (>= 3.0)
      choice (~> 0.1.6)
      ruby-graphviz (~> 1.0.4)
    rails_config (0.3.3)
      activesupport (>= 3.0)
    railties (3.2.15)
      actionpack (= 3.2.15)
      activesupport (= 3.2.15)
      rack-ssl (~> 1.3.2)
      rake (>= 0.8.7)
      rdoc (~> 3.4)
      thor (>= 0.14.6, < 2.0)
    rake (10.1.0)
    rdf (1.0.9)
      addressable (>= 2.3)
    rdf-n3 (1.0.2)
      rdf (>= 1.0.7)
    rdf-rdfxml (1.0.2)
      rdf (>= 1.0)
      rdf-xsd (>= 1.0)
    rdf-xsd (1.0.2.1)
      nokogiri (>= 1.5.0)
      rdf (>= 0.3.4)
    rdoc (3.12.2)
      json (~> 1.4)
    redcarpet (3.0.0)
    redis (3.0.5)
    redis-namespace (1.3.1)
      redis (~> 3.0.0)
    ref (1.0.5)
    responders (1.0.0)
      railties (>= 3.2, < 5)
    rest-client (1.6.7)
      mime-types (>= 1.16)
    rsolr (1.0.9)
      builder (>= 2.1.2)
    rspec-core (2.14.6)
    rspec-expectations (2.14.3)
      diff-lcs (>= 1.1.3, < 2.0)
    rspec-mocks (2.14.4)
    rspec-rails (2.14.0)
      actionpack (>= 3.0)
      activesupport (>= 3.0)
      railties (>= 3.0)
      rspec-core (~> 2.14.0)
      rspec-expectations (~> 2.14.0)
      rspec-mocks (~> 2.14.0)
    ruby-graphviz (1.0.9)
    rugged (0.19.0)
    rvm-capistrano (1.5.1)
      capistrano (~> 2.15.4)
    safe_yaml (0.9.7)
    sass (3.2.12)
    sass-rails (3.2.6)
      railties (~> 3.2.0)
      sass (>= 3.1.10)
      tilt (~> 1.3)
    secure_headers (1.0.0)
      brwsr (>= 1.1.1)
    shoulda (3.5.0)
      shoulda-context (~> 1.0, >= 1.0.1)
      shoulda-matchers (>= 1.4.1, < 3.0)
    shoulda-context (1.1.5)
    shoulda-matchers (2.4.0)
      activesupport (>= 3.0.0)
    shoulda_routing_macros (0.1.2)
    sidekiq (2.15.2)
      celluloid (>= 0.15.2)
      connection_pool (>= 1.0.0)
      json
      redis (>= 3.0.4)
      redis-namespace (>= 1.3.1)
    sidetiq (0.4.3)
      celluloid (>= 0.14.1)
      ice_cube (~> 0.11.0)
      sidekiq (~> 2.15.0)
    simple_form (2.1.0)
      actionpack (~> 3.0)
      activemodel (~> 3.0)
    sinatra (1.4.4)
      rack (~> 1.4)
      rack-protection (~> 1.4)
      tilt (~> 1.3, >= 1.3.4)
    slop (3.4.6)
    sprockets (2.2.2)
      hike (~> 1.2)
      multi_json (~> 1.0)
      rack (~> 1.0)
      tilt (~> 1.1, != 1.3.0)
    strip_attributes (1.4.4)
      activemodel (>= 3.0, < 5.0)
    therubyracer (0.12.0)
      libv8 (~> 3.16.14.0)
      ref
    thor (0.18.1)
    tilt (1.4.1)
    timers (1.1.0)
    treetop (1.4.15)
      polyglot
      polyglot (>= 0.3.1)
    tzinfo (0.3.38)
    uglifier (2.3.0)
      execjs (>= 0.3.0)
      json (>= 1.8.0)
    vcr (2.6.0)
    warden (1.2.3)
      rack (>= 1.0)
    webmock (1.9.3)
      addressable (>= 2.2.7)
      crack (>= 0.3.2)
    xpath (2.0.0)
      nokogiri (~> 1.3)
    yard (0.8.7.2)

PLATFORMS
  ruby

DEPENDENCIES
  acts_as_tree
  bootstrap-sass!
  byebug
  cancan (~> 1.6.7)
  capistrano
  capybara
  capybara-webkit
  codemirror-rails
  coffee-rails (~> 3.2.1)
  compass (~> 0.12.1)
  d3_rails
  database_cleaner
  devise (~> 2.0)
  diffy
  exception_notification (~> 4.0)
  factory_girl_rails
  faker (~> 1.1.2)
  font_awesome
  foreigner
  god
  haml-rails
  hamlbars (~> 2.0)
  handlebars_assets (~> 0.14.1)
  has_scope
  inherited_resources (~> 1.4.0)
  jquery-rails
  jquery-ui-rails
  js-routes
  kaminari
  launchy
  mocha
  momentjs-rails
  nokogiri (~> 1.6)
  pg
  progress_bar
  pry-rails
  quiet_assets
  rack-protection
  rails (~> 3.2.13)
  rails-erd
  rails_config
  rdf
  rdf-n3
  rdf-rdfxml
  redcarpet
  rest-client
  rspec-rails (~> 2.0)
  ruby-graphviz (~> 1.0.8)
  rugged
  rvm-capistrano
  sass-rails (~> 3.2.3)
  secure_headers
  shoulda
  shoulda_routing_macros (~> 0.1.2)
  sidekiq (~> 2.15)
  sidetiq
  simple_form
  sinatra
  strip_attributes (~> 1.0)
  sunspot_rails!
  sunspot_solr!
  therubyracer
  uglifier (>= 1.0.3)
  vcr
  webmock (~> 1.9.0)
  yard
